PATH
  remote: .
  specs:
    middleman-sync (3.1.0)
      middleman-core (~> 3.0.0)
      multi_sync (~> 0.0.1)

PATH
  remote: ../multi_sync
  specs:
    multi_sync (0.0.1)
      celluloid (~> 0.14)
      fog (~> 1.12)
      lazily (~> 0.1)
      log_switch (~> 0.4)
      multi_mime (~> 0.0.1)
      state_machine (~> 1.2)
      virtus (~> 0.5)

GEM
  remote: https://rubygems.org/
  specs:
    activesupport (3.2.13)
      i18n (= 0.6.1)
      multi_json (~> 1.0)
    addressable (2.3.3)
    backports (3.3.2)
    builder (3.2.2)
    celluloid (0.14.1)
      timers (>= 1.0.0)
    coderay (1.0.9)
    colorize (0.5.8)
    columnize (0.3.6)
    coveralls (0.6.3)
      colorize
      multi_json (~> 1.3)
      rest-client
      simplecov (>= 0.7)
      thor
    crack (0.3.2)
    debugger (1.5.0)
      columnize (>= 0.3.1)
      debugger-linecache (~> 1.2.0)
      debugger-ruby_core_source (~> 1.2.0)
    debugger-linecache (1.2.0)
    debugger-ruby_core_source (1.2.0)
    descendants_tracker (0.0.1)
    diff-lcs (1.2.1)
    excon (0.23.0)
    fakefs (0.4.2)
    fog (1.12.1)
      builder
      excon (~> 0.23.0)
      formatador (~> 0.2.0)
      mime-types
      multi_json (~> 1.0)
      net-scp (~> 1.1)
      net-ssh (>= 2.1.3)
      nokogiri (~> 1.5.0)
      ruby-hmac
    formatador (0.2.4)
    i18n (0.6.1)
    kramdown (1.0.1)
    lazily (0.1.2)
    listen (0.7.3)
    log_switch (0.4.0)
    method_source (0.8.1)
    middleman-core (3.0.14)
      activesupport (~> 3.2.6)
      bundler (~> 1.1)
      listen (~> 0.7.3)
      rack (~> 1.4.1)
      rack-test (~> 0.6.1)
      rb-fsevent (~> 0.9.3)
      thor (~> 0.15.4)
      tilt (~> 1.3.6)
    mime-types (1.21)
    multi_json (1.7.1)
    multi_mime (0.0.1)
    net-scp (1.1.1)
      net-ssh (>= 2.6.5)
    net-ssh (2.6.7)
    nokogiri (1.5.10)
    pry (0.9.12)
      coderay (~> 1.0.5)
      method_source (~> 0.8)
      slop (~> 3.4)
    pry-debugger (0.2.2)
      debugger (~> 1.3)
      pry (~> 0.9.10)
    rack (1.4.5)
    rack-test (0.6.2)
      rack (>= 1.0)
    rake (10.0.3)
    rb-fsevent (0.9.3)
    rest-client (1.6.7)
      mime-types (>= 1.16)
    rspec (2.13.0)
      rspec-core (~> 2.13.0)
      rspec-expectations (~> 2.13.0)
      rspec-mocks (~> 2.13.0)
    rspec-core (2.13.1)
    rspec-expectations (2.13.0)
      diff-lcs (>= 1.1.3, < 2.0)
    rspec-mocks (2.13.0)
    ruby-hmac (0.4.0)
    simplecov (0.7.1)
      multi_json (~> 1.0)
      simplecov-html (~> 0.7.1)
    simplecov-html (0.7.1)
    slop (3.4.4)
    state_machine (1.2.0)
    thor (0.15.4)
    tilt (1.3.7)
    timecop (0.6.1)
    timers (1.1.0)
    vcr (2.4.0)
    virtus (0.5.5)
      backports (~> 3.3)
      descendants_tracker (~> 0.0.1)
    webmock (1.11.0)
      addressable (>= 2.2.7)
      crack (>= 0.3.2)
    yard (0.8.5.2)

PLATFORMS
  ruby

DEPENDENCIES
  coveralls
  fakefs
  kramdown (>= 0.14)
  middleman-sync!
  multi_sync!
  pry
  pry-debugger
  rake (>= 1.2)
  rspec
  simplecov
  timecop
  vcr
  webmock
  yard
